PATH
  remote: .
  specs:
    rails-firebase-remote-config (0.0.0)

GEM
  remote: https://rubygems.org/
  specs:

PLATFORMS
  ruby

DEPENDENCIES
  rails-firebase-remote-config!

RUBY VERSION
   ruby 3.1.0p0

BUNDLED WITH
   2.3.3
